PATH
  remote: .
  specs:
    diagram_factory_comp (1.0.0)
      diagram_factory_impl (~> 0)
      diagram_factory_int (~> 1)

GEM
  remote: https://rubygems.org/
  specs:
    diagram_factory_impl (0.1.0)
    diagram_factory_int (1.0.0)
    docile (1.3.2)
    json (2.3.0)
    minitest (5.14.1)
    node_diagram (1.0.1)
      node_diagram_impl (~> 0)
      node_diagram_int (~> 0)
    node_diagram_impl (0.2.0)
    node_diagram_int (0.1.0)
    rake (13.0.1)
    simplecov (0.17.1)
      docile (~> 1.1)
      json (>= 1.8, < 3)
      simplecov-html (~> 0.10.0)
    simplecov-html (0.10.2)

PLATFORMS
  ruby

DEPENDENCIES
  bundler (~> 2.1)
  diagram_factory_comp!
  minitest (~> 5.0)
  node_diagram (~> 1)
  rake (~> 13.0)
  simplecov (~> 0)

BUNDLED WITH
   2.1.2
